GEM
  remote: http://rubygems.org/
  specs:
    addressable (2.3.2)
    daemons (1.1.9)
    data_objects (0.10.9)
      addressable (~> 2.1)
    dm-core (1.0.2)
      addressable (~> 2.2)
      extlib (~> 0.9.15)
    dm-do-adapter (1.0.2)
      data_objects (~> 0.10.2)
      dm-core (~> 1.0.2)
    dm-migrations (1.0.2)
      dm-core (~> 1.0.2)
    dm-postgres-adapter (1.0.2)
      dm-do-adapter (~> 1.0.2)
      do_postgres (~> 0.10.2)
    dm-serializer (1.0.2)
      dm-core (~> 1.0.2)
      fastercsv (~> 1.5.3)
      json_pure (~> 1.4)
    dm-sqlite-adapter (1.0.2)
      dm-do-adapter (~> 1.0.2)
      do_sqlite3 (~> 0.10.2)
    do_postgres (0.10.9)
      data_objects (= 0.10.9)
    do_sqlite3 (0.10.9)
      data_objects (= 0.10.9)
    eventmachine (1.0.0)
    extlib (0.9.15)
    fastercsv (1.5.5)
    haml (3.1.7)
    json_pure (1.7.5)
    rack (1.4.1)
    rack-protection (1.2.0)
      rack
    shotgun (0.9)
      rack (>= 1.0)
    sinatra (1.3.3)
      rack (~> 1.3, >= 1.3.6)
      rack-protection (~> 1.2)
      tilt (~> 1.3, >= 1.3.3)
    thin (1.5.0)
      daemons (>= 1.0.9)
      eventmachine (>= 0.12.6)
      rack (>= 1.0.0)
    tilt (1.3.3)

PLATFORMS
  ruby

DEPENDENCIES
  dm-core
  dm-migrations
  dm-postgres-adapter
  dm-serializer
  dm-sqlite-adapter
  haml
  shotgun
  sinatra (= 1.3.3)
  thin
